GEM
  remote: https://rubygems.org/
  specs:
    colorize (0.8.1)
    equatable (0.6.1)
    gem (0.0.1.alpha)
    necromancer (0.5.0)
    pastel (0.7.3)
      equatable (~> 0.6)
      tty-color (~> 0.5)
    power_assert (1.1.5)
    test-unit (3.3.3)
      power_assert
    tty-color (0.5.0)
    tty-cursor (0.7.0)
    tty-prompt (0.19.0)
      necromancer (~> 0.5.0)
      pastel (~> 0.7.0)
      tty-reader (~> 0.6.0)
    tty-reader (0.6.0)
      tty-cursor (~> 0.7)
      tty-screen (~> 0.7)
      wisper (~> 2.0.0)
    tty-screen (0.7.0)
    wisper (2.0.0)

PLATFORMS
  ruby

DEPENDENCIES
  colorize (~> 0.8.1)
  gem (~> 0.0.1.alpha)
  test-unit (~> 3.3)
  tty-prompt (~> 0.19.0)

BUNDLED WITH
   2.1.0.pre.1
